GEM
  remote: https://rubygems.org/
  specs:
    coderay (1.1.0)
    json (2.3.0)
    method_source (0.8.2)
    mime-types (2.1)
    mini_portile (0.5.2)
    nokogiri (1.6.1)
      mini_portile (~> 0.5.0)
    pry (0.9.12.6)
      coderay (~> 1.0)
      method_source (~> 0.8)
      slop (~> 3.4)
    rest-client (1.6.7)
      mime-types (>= 1.16)
    slop (3.4.7)

PLATFORMS
  ruby

DEPENDENCIES
  json (>= 2.3.0)
  nokogiri
  pry
  rest-client

BUNDLED WITH
   1.17.3
